GEM
  remote: https://rubygems.org/gems/math24/
  specs:
    math24 (1.0.3)
    rack (1.5.2)
    rack-protection (1.5.0)
      rack
    sinatra (1.4.5)
      rack (~> 1.4)
      rack-protection (~> 1.4)
      tilt (~> 1.3, >= 1.3.4)
    tilt (1.4.1)

PLATFORMS
  ruby

DEPENDENCIES
  math24 (= 1.0.3)
  rack (= 1.5.2)
  rack-protection (= 1.5.0)
  sinatra (= 1.4.5)
  tilt (= 1.4.1)
